GEM
  remote: http://rubygems.org/
  specs:
    highline (1.6.20)
    rake (12.3.3)

PLATFORMS
  ruby

DEPENDENCIES
  highline
  rake

BUNDLED WITH
   1.11.2
