GEM
  remote: http://rubygems.org/
  specs:
    highline (3.1.1)
      reline
    io-console (0.7.2)
    rake (13.2.1)
    reline (0.5.11)
      io-console (~> 0.5)

PLATFORMS
  ruby

DEPENDENCIES
  highline
  rake

BUNDLED WITH
   2.5.22
